PATH
  remote: .
  specs:
    jam_script (0.0.1)
      parslet

GEM
  remote: http://rubygems.org/
  specs:
    ansi (1.4.3)
    blankslate (2.1.2.4)
    coderay (1.0.8)
    columnize (0.3.6)
    debugger (1.2.3)
      columnize (>= 0.3.1)
      debugger-linecache (~> 1.1.1)
      debugger-ruby_core_source (~> 1.1.5)
    debugger-linecache (1.1.2)
      debugger-ruby_core_source (>= 1.1.1)
    debugger-ruby_core_source (1.1.6)
    guard (1.6.1)
      listen (>= 0.6.0)
      lumberjack (>= 1.0.2)
      pry (>= 0.9.10)
      thor (>= 0.14.6)
    guard-minitest (0.5.0)
      guard (>= 0.4)
    hirb (0.7.0)
    listen (0.7.1)
    lumberjack (1.0.2)
    method_source (0.8.1)
    minitest (4.4.0)
    parslet (1.5.0)
      blankslate (~> 2.0)
    pry (0.9.10)
      coderay (~> 1.0.5)
      method_source (~> 0.8)
      slop (~> 3.3.1)
    rb-fsevent (0.9.3)
    slop (3.3.3)
    thor (0.16.0)
    turn (0.9.6)
      ansi
    wirble (0.1.3)

PLATFORMS
  ruby

DEPENDENCIES
  debugger
  guard-minitest
  hirb
  jam_script!
  minitest
  rb-fsevent (~> 0.9.1)
  turn
  wirble
